GIT
  remote: git://github.com/capistrano/rbenv.git
  revision: e056efc0c361cc15b76ff961d6c5f65ed5e2c57e
  specs:
    capistrano-rbenv (2.0.4)
      capistrano (~> 3.1)
      sshkit (~> 1.3)

GIT
  remote: git://github.com/elabs/pundit.git
  revision: 58eda659d44a2e9d5e022fd23cc0f65bad7f7d82
  specs:
    pundit (1.1.0)
      activesupport (>= 3.0.0)

GIT
  remote: git://github.com/mbleigh/acts-as-taggable-on.git
  revision: dde41a4d0d14e0f5b57c685265f68545383f70fa
  specs:
    acts-as-taggable-on (3.5.0)
      activerecord (>= 3.2, < 5)

GIT
  remote: git://github.com/plataformatec/devise.git
  revision: 593ae41f9dac165a404b05cd3abd959245c64908
  specs:
    devise (4.1.0)
      bcrypt (~> 3.0)
      orm_adapter (~> 0.1)
      railties (>= 4.1.0, < 5.1)
      responders
      warden (~> 1.2.3)

GIT
  remote: git://github.com/rails/sass-rails.git
  revision: dfbcc6a53653d8908007e26324a0f299f026ec4f
  specs:
    sass-rails (6.0.0.beta1)
      railties (>= 4.0.0, < 5.1)
      sass (~> 3.4)
      sprockets (~> 4.x)
      sprockets-rails (< 4.0)

PATH
  remote: ../Faalis/
  specs:
    faalis (2.1.1)
      admin_lte-rails (~> 2.3.0)
      amd
      coffee-rails
      colorize
      devise (> 3.4)
      formtastic
      formtastic-bootstrap
      i18n
      jbuilder
      jquery-turbolinks
      kaminari
      model_discovery (~> 0.3.8)
      modernizr-rails
      nprogress-rails
      omniauth
      orm_adapter
      pundit
      rails
      rails-i18n
      sass-rails
      slim-rails
      sprockets
      turbolinks

PATH
  remote: ../amd
  specs:
    amd (0.1.5)
      jquery-rails (>= 4)
      rails (>= 4)

PATH
  remote: ../faalis_blog
  specs:
    faalis-blog (0.3.0)
      faalis (> 2)
      faalis-tags
      redcarpet
      site_framework

PATH
  remote: ../faalis_comments
  specs:
    faalis-comments (0.2.0)
      acts_as_commentable_with_threading
      faalis (~> 2)

PATH
  remote: ../faalis_media
  specs:
    faalis-media (0.1.0)
      faalis (> 2)
      paperclip

PATH
  remote: ../faalis_page
  specs:
    faalis-page (2.1.1)
      faalis
      rails-assets-bootstrap-treeview
      redcarpet
      site_framework

PATH
  remote: ../faalis_shop
  specs:
    faalis-shop (0.2.0)
      faalis (> 2)
      faalis-tags
      redcarpet
      site_framework

PATH
  remote: ../faalis_tags
  specs:
    faalis-tags (0.2.0)
      acts-as-taggable-on (~> 3.4)
      faalis (~> 2)

PATH
  remote: ../site_framework
  specs:
    site_framework (4.3.0)
      orm_adapter
      railties (> 3)

GEM
  remote: https://rubygems.org/
  remote: http://rails-assets.org/
  specs:
    actioncable (5.0.0.rc1)
      actionpack (= 5.0.0.rc1)
      nio4r (~> 1.2)
      websocket-driver (~> 0.6.1)
    actionmailer (5.0.0.rc1)
      actionpack (= 5.0.0.rc1)
      actionview (= 5.0.0.rc1)
      activejob (= 5.0.0.rc1)
      mail (~> 2.5, >= 2.5.4)
      rails-dom-testing (~> 1.0, >= 1.0.5)
    actionpack (5.0.0.rc1)
      actionview (= 5.0.0.rc1)
      activesupport (= 5.0.0.rc1)
      rack (~> 2.x)
      rack-test (~> 0.6.3)
      rails-dom-testing (~> 1.0, >= 1.0.5)
      rails-html-sanitizer (~> 1.0, >= 1.0.2)
    actionview (5.0.0.rc1)
      activesupport (= 5.0.0.rc1)
      builder (~> 3.1)
      erubis (~> 2.7.0)
      rails-dom-testing (~> 1.0, >= 1.0.5)
      rails-html-sanitizer (~> 1.0, >= 1.0.2)
    activejob (5.0.0.rc1)
      activesupport (= 5.0.0.rc1)
      globalid (>= 0.3.6)
    activemodel (5.0.0.rc1)
      activesupport (= 5.0.0.rc1)
    activerecord (5.0.0.rc1)
      activemodel (= 5.0.0.rc1)
      activesupport (= 5.0.0.rc1)
      arel (~> 7.0)
    activesupport (5.0.0.rc1)
      concurrent-ruby (~> 1.0, >= 1.0.2)
      i18n (~> 0.7)
      minitest (~> 5.1)
      tzinfo (~> 1.1)
    acts_as_commentable_with_threading (2.0.1)
      activerecord (>= 4.0)
      activesupport (>= 4.0)
      awesome_nested_set (>= 3.0)
    addressable (2.4.0)
    admin_lte-rails (2.3.2.2)
      bootstrap-sass
      bootstrap3-datetimepicker-rails
      chart-js-rails
      font-awesome-rails
      ionicons-rails
      jquery-rails
      jquery-ui-rails
      momentjs-rails
      rails-assets-admin-lte (~> 2.3.2)
      rails-assets-bootstrap-daterangepicker
      rails-assets-bootstrap-rtl
      rails-assets-jquery-icheck
      rails-assets-jquery-knob
      rails-assets-jquery-sparkline
      select2-rails
    airbrussh (1.0.2)
      sshkit (>= 1.6.1, != 1.7.0)
    annotate (2.7.1)
      activerecord (>= 3.2, < 6.0)
      rake (>= 10.4, < 12.0)
    ansi (1.5.0)
    arel (7.0.0)
    ast (2.2.0)
    autoprefixer-rails (6.3.6.1)
      execjs
    awesome_nested_set (3.0.3)
      activerecord (>= 4.0.0, < 5)
    awesome_print (1.6.1)
    bcrypt (3.1.11)
    better_errors (2.1.1)
      coderay (>= 1.0.0)
      erubis (>= 2.6.6)
      rack (>= 0.9.0)
    binding_of_caller (0.7.2)
      debug_inspector (>= 0.0.1)
    bootstrap-sass (3.3.6)
      autoprefixer-rails (>= 5.2.1)
      sass (>= 3.3.4)
    bootstrap3-datetimepicker-rails (4.17.37)
      momentjs-rails (>= 2.8.1)
    builder (3.2.2)
    byebug (9.0.4)
    callsite (0.0.11)
    cane (3.0.0)
      parallel
    capistrano (3.5.0)
      airbrussh (>= 1.0.0)
      capistrano-harrow
      i18n
      rake (>= 10.0.0)
      sshkit (>= 1.9.0)
    capistrano-bundler (1.1.4)
      capistrano (~> 3.1)
      sshkit (~> 1.2)
    capistrano-harrow (0.5.1)
    capistrano-linked-files (1.1.1)
      capistrano (~> 3.1)
    capistrano-local-precompile (0.0.2)
      capistrano
    capistrano-passenger (0.2.0)
      capistrano (~> 3.0)
    capistrano-rails (1.1.6)
      capistrano (~> 3.1)
      capistrano-bundler (~> 1.1)
    capybara (2.7.1)
      addressable
      mime-types (>= 1.16)
      nokogiri (>= 1.3.3)
      rack (>= 1.0.0)
      rack-test (>= 0.5.4)
      xpath (~> 2.0)
    chart-js-rails (0.1.0)
      railties (> 3.1)
    climate_control (0.0.3)
      activesupport (>= 3.0)
    cliver (0.3.2)
    cocaine (0.5.8)
      climate_control (>= 0.0.3, < 1.0)
    code_analyzer (0.4.5)
      sexp_processor
    codemirror-rails (5.11)
      railties (>= 3.0, < 5)
    coderay (1.1.1)
    coffee-rails (4.1.1)
      coffee-script (>= 2.2.0)
      railties (>= 4.0.0, < 5.1.x)
    coffee-script (2.4.1)
      coffee-script-source
      execjs
    coffee-script-source (1.10.0)
    colorize (0.7.7)
    concurrent-ruby (1.0.2)
    connection_pool (2.2.0)
    database_cleaner (1.5.3)
    debug_inspector (0.0.2)
    em-websocket (0.5.1)
      eventmachine (>= 0.12.9)
      http_parser.rb (~> 0.6.0)
    erubis (2.7.0)
    eventmachine (1.2.0.1)
    execjs (2.7.0)
    fabrication (2.15.2)
    ffi (1.9.10)
    font-awesome-rails (4.6.3.0)
      railties (>= 3.2, < 5.1)
    formatador (0.2.5)
    formtastic (3.1.4)
      actionpack (>= 3.2.13)
    formtastic-bootstrap (3.1.1)
      formtastic (>= 3.0)
    globalid (0.3.6)
      activesupport (>= 4.1.0)
    guard (2.14.0)
      formatador (>= 0.2.4)
      listen (>= 2.7, < 4.0)
      lumberjack (~> 1.0)
      nenv (~> 0.1)
      notiffany (~> 0.0)
      pry (>= 0.9.12)
      shellany (~> 0.0)
      thor (>= 0.18.1)
    guard-cane (0.2.1)
      cane
      guard (>= 2.10.0)
      guard-compat (~> 1.1)
    guard-compat (1.2.1)
    guard-livereload (2.5.2)
      em-websocket (~> 0.5)
      guard (~> 2.8)
      guard-compat (~> 1.0)
      multi_json (~> 1.8)
    guard-minitest (2.4.4)
      guard-compat (~> 1.2)
      minitest (>= 3.0)
    hashie (3.4.4)
    hirb (0.7.3)
    http_parser.rb (0.6.0)
    i18n (0.7.0)
    ionicons-rails (2.0.0)
    jbuilder (2.4.1)
      activesupport (>= 3.0.0, < 5.1)
      multi_json (~> 1.2)
    jquery-rails (4.1.1)
      rails-dom-testing (>= 1, < 3)
      railties (>= 4.2.0)
      thor (>= 0.14, < 2.0)
    jquery-turbolinks (2.1.0)
      railties (>= 3.1.0)
      turbolinks
    jquery-ui-rails (5.0.5)
      railties (>= 3.2.16)
    json (1.8.3)
    kaminari (0.16.3)
      actionpack (>= 3.0.0)
      activesupport (>= 3.0.0)
    launchy (2.4.3)
      addressable (~> 2.3)
    liquid (3.0.6)
    liquid-rails (0.1.3)
      kaminari (~> 0.16.1)
      liquid (>= 3.0.0)
      rails (>= 3.2)
    listen (3.1.5)
      rb-fsevent (~> 0.9, >= 0.9.4)
      rb-inotify (~> 0.9, >= 0.9.7)
      ruby_dep (~> 1.2)
    loofah (2.0.3)
      nokogiri (>= 1.5.9)
    lumberjack (1.0.10)
    mail (2.6.4)
      mime-types (>= 1.16, < 4)
    meta_request (0.4.0)
      callsite (~> 0.0, >= 0.0.11)
      rack-contrib (~> 1.1)
      railties (>= 3.0.0, < 5.1.0)
    method_source (0.8.2)
    mime-types (3.0)
      mime-types-data (~> 3.2015)
    mime-types-data (3.2016.0221)
    mimemagic (0.3.0)
    mini_portile2 (2.0.0)
    minitest (5.9.0)
    minitest-around (0.3.2)
      minitest (~> 5.0)
    minitest-capybara (0.8.2)
      capybara (~> 2.2)
      minitest (~> 5.0)
      rake
    minitest-metadata (0.6.0)
      minitest (>= 4.7, < 6.0)
    minitest-rails (3.0.0.rc1)
      minitest (~> 5.8)
      railties (~> 5.0.0.rc1)
    minitest-rails-capybara (3.0.0.rc1)
      capybara (~> 2.7)
      minitest-capybara (~> 0.8)
      minitest-metadata (~> 0.6)
      minitest-rails (= 3.0.0.rc1)
    minitest-reporters (1.1.9)
      ansi
      builder
      minitest (>= 5.0)
      ruby-progressbar
    model_discovery (0.3.8)
      orm_adapter
      railties (> 4.0.0)
    modernizr-rails (2.7.1)
    momentjs-rails (2.11.1)
      railties (>= 3.1)
    multi_json (1.12.1)
    nenv (0.3.0)
    net-scp (1.2.1)
      net-ssh (>= 2.6.5)
    net-ssh (3.1.1)
    nio4r (1.2.1)
    nokogiri (1.6.7.2)
      mini_portile2 (~> 2.0.0.rc2)
    notiffany (0.1.0)
      nenv (~> 0.1)
      shellany (~> 0.0)
    nprogress-rails (0.1.6.7)
    omniauth (1.3.1)
      hashie (>= 1.2, < 4)
      rack (>= 1.0, < 3)
    orm_adapter (0.5.0)
    paperclip (4.3.6)
      activemodel (>= 3.2.0)
      activesupport (>= 3.2.0)
      cocaine (~> 0.5.5)
      mime-types
      mimemagic (= 0.3.0)
    parallel (1.8.0)
    parser (2.3.1.0)
      ast (~> 2.2)
    pg (0.18.4)
    poltergeist (1.9.0)
      capybara (~> 2.1)
      cliver (~> 0.3.1)
      multi_json (~> 1.0)
      websocket-driver (>= 0.2.0)
    polyamorous (1.3.0)
      activerecord (>= 3.0)
    powerpack (0.1.1)
    pry (0.10.3)
      coderay (~> 1.1.0)
      method_source (~> 0.8.1)
      slop (~> 3.4)
    pry-byebug (3.4.0)
      byebug (~> 9.0)
      pry (~> 0.10)
    pry-doc (0.8.0)
      pry (~> 0.9)
      yard (~> 0.8)
    pry-rails (0.3.4)
      pry (>= 0.9.10)
    quiet_assets (1.1.0)
      railties (>= 3.1, < 5.0)
    rack (2.0.0.rc1)
      json
    rack-contrib (1.2.0)
      rack (>= 0.9.1)
    rack-livereload (0.3.16)
      rack
    rack-mini-profiler (0.10.1)
      rack (>= 1.2.0)
    rack-test (0.6.3)
      rack (>= 1.0)
    rails (5.0.0.rc1)
      actioncable (= 5.0.0.rc1)
      actionmailer (= 5.0.0.rc1)
      actionpack (= 5.0.0.rc1)
      actionview (= 5.0.0.rc1)
      activejob (= 5.0.0.rc1)
      activemodel (= 5.0.0.rc1)
      activerecord (= 5.0.0.rc1)
      activesupport (= 5.0.0.rc1)
      bundler (>= 1.3.0, < 2.0)
      railties (= 5.0.0.rc1)
      sprockets-rails (>= 2.0.0)
    rails-assets-admin-lte (2.3.3)
    rails-assets-bootstrap (3.3.6)
      rails-assets-jquery (>= 1.9.1, < 3)
    rails-assets-bootstrap-daterangepicker (2.1.19)
      rails-assets-jquery (>= 1.10)
      rails-assets-moment (>= 2.9.0)
    rails-assets-bootstrap-rtl (3.4.0)
      rails-assets-bootstrap (>= 3.3.0)
    rails-assets-bootstrap-treeview (1.2.0)
      rails-assets-bootstrap (>= 3.0.0)
      rails-assets-jquery (>= 1.9.0)
    rails-assets-jquery (2.2.4)
    rails-assets-jquery-icheck (1.0.2)
      rails-assets-jquery (>= 1.7)
    rails-assets-jquery-knob (1.2.13)
      rails-assets-jquery (>= 1.7.0)
    rails-assets-jquery-sparkline (2.1.3)
    rails-assets-moment (2.13.0)
    rails-assets-sugar (1.4.1)
    rails-deprecated_sanitizer (1.0.3)
      activesupport (>= 4.2.0.alpha)
    rails-dom-testing (1.0.7)
      activesupport (>= 4.2.0.beta, < 5.0)
      nokogiri (~> 1.6.0)
      rails-deprecated_sanitizer (>= 1.0.1)
    rails-html-sanitizer (1.0.3)
      loofah (~> 2.0)
    rails-i18n (4.0.2)
      i18n (~> 0.6)
      rails (>= 4.0)
    rails_best_practices (1.16.0)
      activesupport
      code_analyzer (>= 0.4.3)
      erubis
      i18n
      json
      require_all
      ruby-progressbar
    rails_db (1.1.1)
      codemirror-rails
      font-awesome-rails
      jquery-rails
      kaminari
      launchy
      rails (>= 3.1.0)
      ransack
      sass
      sass-rails
      simple_form
      terminal-table
    railties (5.0.0.rc1)
      actionpack (= 5.0.0.rc1)
      activesupport (= 5.0.0.rc1)
      method_source
      rake (>= 0.8.7)
      thor (>= 0.18.1, < 2.0)
    rainbow (2.1.0)
    rake (11.1.2)
    ransack (1.7.0)
      actionpack (>= 3.0)
      activerecord (>= 3.0)
      activesupport (>= 3.0)
      i18n
      polyamorous (~> 1.2)
    rb-fsevent (0.9.7)
    rb-inotify (0.9.7)
      ffi (>= 0.5.0)
    rdoc (4.2.2)
      json (~> 1.4)
    redcarpet (3.3.4)
    require_all (1.3.3)
    responders (2.2.0)
      railties (>= 4.2.0, < 5.1)
    rubocop (0.40.0)
      parser (>= 2.3.1.0, < 3.0)
      powerpack (~> 0.1)
      rainbow (>= 1.99.1, < 3.0)
      ruby-progressbar (~> 1.7)
      unicode-display_width (~> 1.0, >= 1.0.1)
    ruby-lint (2.1.0)
      parser (~> 2.2)
      slop (~> 3.4, >= 3.4.7)
    ruby-progressbar (1.8.1)
    ruby_dep (1.3.1)
    sass (3.4.22)
    sdoc (0.4.1)
      json (~> 1.7, >= 1.7.7)
      rdoc (~> 4.0)
    select2-rails (4.0.2)
      thor (~> 0.14)
    sexp_processor (4.7.0)
    shellany (0.0.1)
    simple_form (3.2.1)
      actionpack (> 4, < 5.1)
      activemodel (> 4, < 5.1)
    slim (3.0.6)
      temple (~> 0.7.3)
      tilt (>= 1.3.3, < 2.1)
    slim-rails (3.0.1)
      actionmailer (>= 3.1, < 5.0)
      actionpack (>= 3.1, < 5.0)
      activesupport (>= 3.1, < 5.0)
      railties (>= 3.1, < 5.0)
      slim (~> 3.0)
    slop (3.6.0)
    spring (1.7.1)
    sprockets (4.0.0.beta2)
      concurrent-ruby (~> 1.0)
      rack (> 1, < 3)
    sprockets-rails (3.0.4)
      actionpack (>= 4.0)
      activesupport (>= 4.0)
      sprockets (>= 3.0.0)
    sshkit (1.10.0)
      net-scp (>= 1.1.2)
      net-ssh (>= 2.8.0)
    temple (0.7.6)
    terminal-table (1.5.2)
    thor (0.19.1)
    thread_safe (0.3.5)
    tilt (2.0.4)
    turbolinks (2.5.3)
      coffee-rails
    tzinfo (1.2.2)
      thread_safe (~> 0.1)
    uglifier (3.0.0)
      execjs (>= 0.3.0, < 3)
    unicode-display_width (1.0.5)
    warden (1.2.6)
      rack (>= 1.0)
    web-console (2.3.0)
      activemodel (>= 4.0)
      binding_of_caller (>= 0.7.2)
      railties (>= 4.0)
      sprockets-rails (>= 2.0, < 4.0)
    websocket-driver (0.6.4)
      websocket-extensions (>= 0.1.0)
    websocket-extensions (0.1.2)
    xpath (2.0.0)
      nokogiri (~> 1.3)
    yard (0.8.7.6)
    yellowen-misc (0.3.0)
      annotate
      awesome_print
      better_errors
      binding_of_caller
      hirb
      meta_request
      method_source
      pry-doc
      pry-rails
      quiet_assets
      rack-mini-profiler
      rails_best_practices
      rails_db
      rubocop
      ruby-lint

PLATFORMS
  ruby

DEPENDENCIES
  acts-as-taggable-on!
  amd!
  bcrypt (~> 3.1.7)
  byebug
  capistrano
  capistrano-bundler
  capistrano-linked-files
  capistrano-local-precompile
  capistrano-passenger
  capistrano-rails
  capistrano-rbenv!
  capybara
  coffee-rails (~> 4.1.0)
  connection_pool
  database_cleaner
  devise!
  faalis!
  faalis-blog!
  faalis-comments!
  faalis-media!
  faalis-page!
  faalis-shop!
  faalis-tags!
  fabrication
  guard
  guard-cane
  guard-livereload
  guard-minitest
  jbuilder (~> 2.0)
  jquery-rails
  jquery-turbolinks
  launchy
  liquid-rails
  minitest-around
  minitest-rails (= 3.0.0.rc1)
  minitest-rails-capybara (= 3.0.0.rc1)
  minitest-reporters
  paperclip
  pg
  poltergeist
  pry-byebug
  pry-rails
  pundit!
  quiet_assets
  rack-livereload
  rails (= 5.0.0.rc1)
  rails-assets-admin-lte!
  rails-assets-bootstrap-daterangepicker!
  rails-assets-bootstrap-rtl!
  rails-assets-jquery-icheck!
  rails-assets-jquery-knob!
  rails-assets-jquery-sparkline!
  rails-assets-sugar!
  rb-fsevent
  sass-rails!
  sdoc (~> 0.4.0)
  site_framework!
  spring
  turbolinks
  uglifier (>= 1.3.0)
  web-console (~> 2.0)
  yellowen-misc

BUNDLED WITH
   1.11.2
